PATH
  remote: .
  specs:
    baby-bro (0.0.16)

GEM
  specs:

PLATFORMS
  ruby

DEPENDENCIES
  baby-bro!
